GIT
  remote: git://github.com/espresso/espresso.git
  revision: f1249f473e5f80658430252e8b5d072144ade6be
  specs:
    e (0.3.6)
      appetite (~> 0.1.0)
      tilt (~> 1.3)

GIT
  remote: git://github.com/slivu/appetite.git
  revision: c744aedd08d7ff165d69003962d2fdd8115a6a3e
  specs:
    appetite (0.1.0)
      rack (~> 1.4)

GEM
  remote: http://rubygems.org/
  specs:
    class_loader (3.0.8)
    daemons (1.1.9)
    eventmachine (1.0.0)
    listen (0.6.0)
    rack (1.4.1)
    rb-fsevent (0.9.2)
    rerun (0.7.1)
      listen
    thin (1.5.0)
      daemons (>= 1.0.9)
      eventmachine (>= 0.12.6)
      rack (>= 1.0.0)
    tilt (1.3.3)

PLATFORMS
  ruby

DEPENDENCIES
  appetite!
  class_loader
  e!
  rb-fsevent (~> 0.9.1)
  rerun
  thin
