GIT
  remote: git://github.com/slivu/appetite.git
  revision: c55f992f987ab5a579db92d6a60e09435642850d
  specs:
    appetite (0.0.9)
      rack (~> 1.4)

GIT
  remote: git://github.com/slivu/espresso.git
  revision: 83ab2ff777b7cecf55b627fbf7e51a462b9718f1
  specs:
    e (0.3.5)
      appetite (~> 0.0.9)
      tilt (~> 1.3)

GEM
  remote: http://rubygems.org/
  specs:
    class_loader (3.0.8)
    daemons (1.1.9)
    eventmachine (1.0.0)
    listen (0.6.0)
    rack (1.4.1)
    rerun (0.7.1)
      listen
    thin (1.5.0)
      daemons (>= 1.0.9)
      eventmachine (>= 0.12.6)
      rack (>= 1.0.0)
    tilt (1.3.3)

PLATFORMS
  ruby

DEPENDENCIES
  appetite!
  class_loader
  e!
  rerun
  thin
